PATH
  remote: .
  specs:
    bitcoin-ruby (0.0.14)

GEM
  remote: https://rubygems.org/
  specs:
    bacon (1.2.0)
    eventmachine (1.2.3)
    ffi (1.9.18)
    ffi-compiler (1.0.1)
      ffi (>= 1.0.0)
      rake
    minitest (5.10.2)
    rake (12.0.0)
    scrypt (3.0.5)
      ffi-compiler (>= 1.0, < 2.0)

PLATFORMS
  ruby

DEPENDENCIES
  bacon (>= 1.2.0)
  bitcoin-ruby!
  eventmachine
  ffi
  minitest
  rake (>= 0.8.0)
  scrypt

BUNDLED WITH
   1.15.3
